PATH
  remote: .
  specs:
    payment_day (0.1.2)
      rainbow (~> 3.1)
      terminal-table (~> 3.0)
      thor (~> 1.2)

GEM
  remote: https://rubygems.org/
  specs:
    minitest (5.16.3)
    rainbow (3.1.1)
    rake (13.0.6)
    terminal-table (3.0.2)
      unicode-display_width (>= 1.1.1, < 3)
    thor (1.2.1)
    unicode-display_width (2.3.0)

PLATFORMS
  arm64-darwin-22

DEPENDENCIES
  minitest (~> 5.0)
  payment_day!
  rake (~> 13.0)

BUNDLED WITH
   2.4.1
